GEM
  remote: https://rubygems.org/
  specs:
    artii (2.1.2)
    coderay (1.1.2)
    method_source (0.9.2)
    pry (0.12.2)
      coderay (~> 1.1.0)
      method_source (~> 0.9.0)
    rainbow (3.0.0)
    require_all (2.0.0)

PLATFORMS
  ruby

DEPENDENCIES
  artii
  pry
  rainbow
  require_all

BUNDLED WITH
   1.17.1
